PATH
  remote: .
  specs:
    fiat-ui (0.1.0)

GEM
  remote: https://rubygems.org/
  specs:
    rake (10.5.0)

PLATFORMS
  ruby

DEPENDENCIES
  bundler (~> 1.16)
  fiat-ui!
  rake (~> 10.0)

BUNDLED WITH
   1.16.0
